GEM
  remote: https://rubygems.org/
  specs:
    byebug (8.2.4)

PLATFORMS
  ruby

DEPENDENCIES
  byebug

BUNDLED WITH
   1.10.6
